PATH
  remote: .
  specs:
    api-response-validator (0.1.0)

GEM
  remote: https://rubygems.org/
  specs:
    addressable (2.3.8)
    domain_name (0.5.20160310)
      unf (>= 0.0.5, < 1.0.0)
    http-cookie (1.0.2)
      domain_name (~> 0.5)
    json-schema (2.6.1)
      addressable (~> 2.3.8)
    mime-types (2.99.1)
    netrc (0.11.0)
    rake (10.5.0)
    rest-client (1.8.0)
      http-cookie (>= 1.0.2, < 2.0)
      mime-types (>= 1.16, < 3.0)
      netrc (~> 0.7)
    terminal-table (1.5.2)
    unf (0.1.4)
      unf_ext
    unf_ext (0.0.7.2)

PLATFORMS
  ruby

DEPENDENCIES
  api-response-validator!
  bundler (~> 1.11)
  json-schema (~> 2.6.0)
  rake (~> 10.0)
  rest-client (~> 1.8.0)
  terminal-table (~> 1.5.2)

BUNDLED WITH
   1.11.2
